GEM
  remote: https://rubygems.org/
  specs:
    activemodel (4.1.4)
      activesupport (= 4.1.4)
      builder (~> 3.1)
    activesupport (4.1.4)
      i18n (~> 0.6, >= 0.6.9)
      json (~> 1.7, >= 1.7.7)
      minitest (~> 5.1)
      thread_safe (~> 0.1)
      tzinfo (~> 1.1)
    builder (3.2.2)
    haml (4.0.5)
      tilt
    i18n (0.6.11)
    json (1.8.1)
    mail (2.6.3)
      mime-types (>= 1.16, < 3)
    mime-types (2.4.3)
    minitest (5.4.0)
    pony (1.11)
      mail (>= 2.0)
    rack (1.5.2)
    rack-protection (1.5.3)
      rack
    rack-test (0.6.2)
      rack (>= 1.0)
    rake (10.3.2)
    sinatra (1.4.5)
      rack (~> 1.4)
      rack-protection (~> 1.4)
      tilt (~> 1.3, >= 1.3.4)
    sinatra-advanced-routes (0.5.3)
      sinatra (~> 1.0)
    sinatra-export (1.0.1)
      rack
      rack-test
      rake
      sinatra
      sinatra-advanced-routes
      term-ansicolor
    sinatra-flash (0.3.0)
      sinatra (>= 1.0.0)
    term-ansicolor (1.3.0)
      tins (~> 1.0)
    thread_safe (0.3.4)
    tilt (1.4.1)
    tins (1.3.2)
    tzinfo (1.2.1)
      thread_safe (~> 0.1)

PLATFORMS
  ruby

DEPENDENCIES
  activemodel
  haml
  pony
  sinatra
  sinatra-export
  sinatra-flash
